GEM
  remote: https://rubygems.org/
  specs:
    activesupport (4.2.5)
      i18n (~> 0.7)
      json (~> 1.7, >= 1.7.7)
      minitest (~> 5.1)
      thread_safe (~> 0.3, >= 0.3.4)
      tzinfo (~> 1.1)
    addressable (2.4.0)
    attribute_struct (0.2.26)
      bogo (>= 0.1.31, < 0.3.0)
    aws-sdk (2.2.8)
      aws-sdk-resources (= 2.2.8)
    aws-sdk-core (2.2.8)
      jmespath (~> 1.0)
    aws-sdk-resources (2.2.8)
      aws-sdk-core (= 2.2.8)
    axiom-types (0.1.1)
      descendants_tracker (~> 0.0.4)
      ice_nine (~> 0.11.0)
      thread_safe (~> 0.3, >= 0.3.1)
    bogo (0.1.32)
      hashie
      multi_json
    bogo-cli (0.1.32)
      bogo (>= 0.1.6)
      bogo-config
      bogo-ui
      slop (~> 3)
    bogo-config (0.1.14)
      attribute_struct
      bogo (>= 0.1.4, < 1.0)
      multi_json
      multi_xml
    bogo-ui (0.1.12)
      bogo
      command_line_reporter
      paint
    coercible (1.0.0)
      descendants_tracker (~> 0.0.1)
    colored (1.2)
    colorize (0.7.7)
    command_line_reporter (3.3.6)
      colored (>= 1.2)
    commander (4.3.5)
      highline (~> 1.7.2)
    deep_merge (1.0.1)
    descendants_tracker (0.0.4)
      thread_safe (~> 0.3, >= 0.3.1)
    diffy (3.1.0)
    domain_name (0.5.25)
      unf (>= 0.0.5, < 1.0.0)
    dotgpg (0.6.1)
      gpgme
      thor
    equalizer (0.0.11)
    gpgme (2.0.11)
      mini_portile (>= 0.5.0)
    hashdiff (0.2.3)
    hashie (3.4.3)
    highline (1.7.8)
    http (1.0.1)
      addressable (~> 2.3)
      http-cookie (~> 1.0)
      http-form_data (~> 1.0.1)
      http_parser.rb (~> 0.6.0)
    http-cookie (1.0.2)
      domain_name (~> 0.5)
    http-form_data (1.0.1)
    http_parser.rb (0.6.0)
    i18n (0.7.0)
    ice_nine (0.11.1)
    jmespath (1.1.3)
    json (1.8.3)
    miasma (0.2.34)
      bogo (>= 0.1.30, < 1.0)
      http (>= 0.8.12, < 1.1)
      miasma-aws
      miasma-open-stack
      miasma-rackspace
      multi_json
      multi_xml
      xml-simple
    miasma-aws (0.1.30)
    miasma-open-stack (0.1.2)
    miasma-rackspace (0.1.2)
      miasma-open-stack
    mini_portile (0.6.2)
    minitest (5.8.3)
    multi_json (1.11.2)
    multi_xml (0.5.5)
    net-ssh (3.0.1)
    paint (1.0.0)
    ruby-progressbar (1.7.5)
    sfn (1.1.16)
      bogo-cli (~> 0.1.21)
      hashdiff (~> 0.2.2)
      miasma (~> 0.2.27)
      miasma-aws (~> 0.1.16)
      net-ssh
      sparkle_formation (~> 1.1)
    slop (3.6.0)
    sparkle_formation (1.1.14)
      attribute_struct (>= 0.2.23, < 0.4)
      bogo
      multi_json
    stack_master (0.0.4)
      activesupport
      aws-sdk (~> 2.1)
      colorize
      commander
      deep_merge
      diffy
      dotgpg
      ruby-progressbar
      sparkle_formation (~> 1.1)
      table_print
      virtus
    table_print (1.5.4)
    thor (0.19.1)
    thread_safe (0.3.5)
    tzinfo (1.2.2)
      thread_safe (~> 0.1)
    unf (0.1.4)
      unf_ext
    unf_ext (0.0.7.1)
    virtus (1.0.5)
      axiom-types (~> 0.1)
      coercible (~> 1.0)
      descendants_tracker (~> 0.0, >= 0.0.3)
      equalizer (~> 0.0, >= 0.0.9)
    xml-simple (1.1.5)

PLATFORMS
  ruby

DEPENDENCIES
  sfn
  sparkle_formation
  stack_master
